GEM
  remote: http://rubygems.org/
  specs:
    archive-tar-minitar (0.5.2)
    asunit4 (4.2.2.pre)
    flashsdk (1.0.13.pre)
      sprout (>= 1.0.31.pre)
    open4 (1.0.1)
    rake (0.8.7)
    rdoc (2.5.11)
    rubyzip (0.9.4)
    sprout (1.0.32.pre)
      archive-tar-minitar (= 0.5.2)
      bundler (>= 0.9.19)
      open4 (>= 0.9.6)
      rake (>= 0.8.7)
      rdoc (>= 2.5.8)
      rubyzip (= 0.9.4)

PLATFORMS
  x86-mingw32

DEPENDENCIES
  asunit4 (>= 4.2.2.pre)
  flashsdk (>= 1.0.0.pre)
